GEM
  remote: http://rubygems.org/
  specs:
    coffee-script (2.2.0)
      coffee-script-source
      execjs
    coffee-script-source (1.7.0)
    execjs (2.0.2)
    github-markdown (0.6.4)
    hike (1.2.3)
    multi_json (1.8.4)
    rack (1.5.2)
    rack-protection (1.5.1)
      rack
    sass (3.2.14)
    shotgun (0.9)
      rack (>= 1.0)
    sinatra (1.4.4)
      rack (~> 1.4)
      rack-protection (~> 1.4)
      tilt (~> 1.3, >= 1.3.4)
    slim (2.0.2)
      temple (~> 0.6.6)
      tilt (>= 1.3.3, < 2.1)
    sprockets (2.10.1)
      hike (~> 1.2)
      multi_json (~> 1.0)
      rack (~> 1.0)
      tilt (~> 1.1, != 1.3.0)
    sprockets-helpers (1.1.0)
      sprockets (~> 2.0)
    temple (0.6.7)
    tilt (1.4.1)

PLATFORMS
  ruby

DEPENDENCIES
  coffee-script (~> 2.2.0)
  github-markdown (~> 0.6.4)
  sass (~> 3.2.14)
  shotgun (~> 0.9)
  sinatra (~> 1.4.4)
  slim (~> 2.0.2)
  sprockets (~> 2.10.1)
  sprockets-helpers (~> 1.1.0)
