GEM
  remote: https://rubygems.org/
  specs:
    daemons (1.2.3)
    dotenv (2.1.1)
    eventmachine (1.0.9.1)
    foreman (0.78.0)
      thor (~> 0.19.1)
    front_matter_parser (0.0.4)
    rack (1.6.4)
    redcarpet (3.3.4)
    roda (2.11.0)
      rack
    slim (2.0.3)
      temple (~> 0.6.6)
      tilt (>= 1.3.3, < 2.1)
    temple (0.6.10)
    thin (1.6.4)
      daemons (~> 1.0, >= 1.0.9)
      eventmachine (~> 1.0, >= 1.0.4)
      rack (~> 1.0)
    thor (0.19.1)
    tilt (1.4.1)

PLATFORMS
  ruby

DEPENDENCIES
  dotenv (~> 2.1.0)
  foreman (~> 0.78.0)
  front_matter_parser (~> 0.0.2)
  rack (~> 1.6.4)
  redcarpet (~> 3.3.4)
  roda (~> 2.11.0)
  slim (~> 2.0.3)
  thin (~> 1.6.2)

RUBY VERSION
   ruby 2.3.1p112

BUNDLED WITH
   1.12.3
